GEM
  remote: https://rubygems.org/
  specs:
    activemodel (5.0.0.1)
      activesupport (= 5.0.0.1)
    activesupport (5.0.0.1)
      concurrent-ruby (~> 1.0, >= 1.0.2)
      i18n (~> 0.7)
      minitest (~> 5.1)
      tzinfo (~> 1.1)
    benchmark-ips (2.7.2)
    brcobranca (6.7.0)
      activemodel (>= 3)
      activesupport (>= 3)
      parseline (~> 1.0.3)
      rghost (~> 0.9)
      rghost_barcode (~> 0.9)
      unidecoder (>= 1.1.2)
    concurrent-ruby (1.0.2)
    i18n (0.7.0)
    minitest (5.9.0)
    parseline (1.0.3)
    rghost (0.9.6)
    rghost_barcode (0.9)
    thread_safe (0.3.5)
    tzinfo (1.2.2)
      thread_safe (~> 0.1)
    unidecoder (1.1.2)

PLATFORMS
  ruby

DEPENDENCIES
  benchmark-ips
  brcobranca

BUNDLED WITH
   1.12.5
